GEM
  remote: https://rubygems.org/
  specs:
    rack (1.6.5)
    vienna (0.4.1)
      rack (~> 1.5)

PLATFORMS
  ruby

DEPENDENCIES
  vienna

BUNDLED WITH
   1.13.3
